GEM
  remote: https://rubygems.org/
  specs:
    coderay (1.1.2)
    matrix (0.1.0)
    method_source (0.9.2)
    pry (0.12.2)
      coderay (~> 1.1.0)
      method_source (~> 0.9.0)

PLATFORMS
  ruby

DEPENDENCIES
  matrix
  pry

BUNDLED WITH
   1.17.2
